GEM
  remote: https://rubygems.org/
  specs:
    metaclass (0.0.4)
    minitest (5.9.1)
    mocha (1.1.0)
      metaclass (~> 0.0.1)
    rake (11.2.2)

PLATFORMS
  ruby

DEPENDENCIES
  minitest
  mocha
  rake

BUNDLED WITH
   1.12.5
